GEM
  remote: https://rubygems.org/
  specs:
    ast (2.4.0)
    commander (4.4.4)
      highline (~> 1.7.2)
    highline (1.7.10)
    parallel (1.12.1)
    parser (2.5.1.0)
      ast (~> 2.4.0)
    powerpack (0.1.1)
    rainbow (3.0.0)
    rubocop (0.56.0)
      parallel (~> 1.10)
      parser (>= 2.5)
      powerpack (~> 0.1)
      rainbow (>= 2.2.2, < 4.0)
      ruby-progressbar (~> 1.7)
      unicode-display_width (~> 1.0, >= 1.0.1)
    ruby-progressbar (1.9.0)
    terminal-notifier (2.0.0)
    unicode-display_width (1.3.2)

PLATFORMS
  ruby

DEPENDENCIES
  commander
  rubocop
  terminal-notifier

BUNDLED WITH
   1.16.1
